GEM
  remote: https://rubygems.org/
  specs:
    authentic_jobs (0.2.2)
      hashie (~> 0.2.0)
      httparty (~> 0.5.2)
    awesome_print (1.2.0)
    childprocess (0.5.5)
      ffi (~> 1.0, >= 1.0.11)
    crack (0.1.6)
    domain_name (0.5.22)
      unf (>= 0.0.5, < 1.0.0)
    ffi (1.9.6)
    hashie (0.2.2)
    http-cookie (1.0.2)
      domain_name (~> 0.5)
    httparty (0.5.2)
      crack (= 0.1.6)
    json (1.8.1)
    linkedin (0.2.2)
      nokogiri (~> 1.4.4)
      oauth (~> 0.4.0)
    mechanize (2.7.3)
      domain_name (~> 0.5, >= 0.5.1)
      http-cookie (~> 1.0)
      mime-types (~> 2.0)
      net-http-digest_auth (~> 1.1, >= 1.1.1)
      net-http-persistent (~> 2.5, >= 2.5.2)
      nokogiri (~> 1.4)
      ntlm-http (~> 0.1, >= 0.1.1)
      webrobots (>= 0.0.9, < 0.2)
    mime-types (2.4.3)
    multi_json (1.10.1)
    net-http-digest_auth (1.4)
    net-http-persistent (2.9.4)
    nokogiri (1.4.7)
    ntlm-http (0.1.1)
    oauth (0.4.7)
    rubyzip (1.1.6)
    selenium-webdriver (2.44.0)
      childprocess (~> 0.5)
      multi_json (~> 1.0)
      rubyzip (~> 1.0)
      websocket (~> 1.0)
    unf (0.1.4)
      unf_ext
    unf_ext (0.0.6)
    watir-webdriver (0.6.11)
      selenium-webdriver (>= 2.18.0)
    webrobots (0.1.1)
    websocket (1.2.1)

PLATFORMS
  ruby

DEPENDENCIES
  authentic_jobs
  awesome_print
  hashie
  json
  linkedin
  mechanize
  watir-webdriver
